GEM
  remote: https://rubygems.org/
  specs:
    celluloid (0.18.0)
      timers (~> 4)
    celluloid-io (0.17.3)
      celluloid (>= 0.17.2)
      nio4r (>= 1.1)
      timers (>= 4.1.1)
    nio4r (2.5.8)
    timers (4.3.3)

PLATFORMS
  x86_64-linux

DEPENDENCIES
  celluloid (~> 0.18.0)
  celluloid-io (~> 0.17.3)

BUNDLED WITH
   2.2.32
